PATH
  remote: .
  specs:
    rails_throttle (0.4.0)
      activesupport

GEM
  remote: https://rubygems.org/
  specs:
    activesupport (6.0.0)
      concurrent-ruby (~> 1.0, >= 1.0.2)
      i18n (>= 0.7, < 2)
      minitest (~> 5.1)
      tzinfo (~> 1.1)
      zeitwerk (~> 2.1, >= 2.1.8)
    concurrent-ruby (1.1.5)
    declarative_minitest (0.1.1)
      minitest (>= 5.0)
    i18n (1.6.0)
      concurrent-ruby (~> 1.0)
    minitest (5.11.3)
    rake (13.0.1)
    thread_safe (0.3.6)
    tzinfo (1.2.5)
      thread_safe (~> 0.1)
    zeitwerk (2.1.10)

PLATFORMS
  ruby

DEPENDENCIES
  bundler (~> 1.17)
  declarative_minitest (~> 0.1.1)
  minitest (~> 5.0)
  rails_throttle!
  rake (~> 13.0)

BUNDLED WITH
   1.17.2
