PATH
  remote: .
  specs:
    rails_throttle (0.4.0)
      activesupport

GEM
  remote: https://rubygems.org/
  specs:
    activesupport (7.0.3.1)
      concurrent-ruby (~> 1.0, >= 1.0.2)
      i18n (>= 1.6, < 2)
      minitest (>= 5.1)
      tzinfo (~> 2.0)
    concurrent-ruby (1.1.10)
    declarative_minitest (0.1.1)
      minitest (>= 5.0)
    i18n (1.12.0)
      concurrent-ruby (~> 1.0)
    minitest (5.11.3)
    rake (10.5.0)
    tzinfo (2.0.5)
      concurrent-ruby (~> 1.0)

PLATFORMS
  ruby

DEPENDENCIES
  bundler (~> 1.17)
  declarative_minitest (~> 0.1.1)
  minitest (~> 5.0)
  rails_throttle!
  rake (~> 10.0)

BUNDLED WITH
   1.17.2
